PATH
  remote: .
  specs:
    pxlsrt (1.8.1)
      oily_png (~> 1.2.1)
      thor (~> 0.18)

GEM
  remote: https://rubygems.org/
  specs:
    chunky_png (1.3.8)
    oily_png (1.2.1)
      chunky_png (~> 1.3.7)
    rake (10.3.2)
    thor (0.19.1)

PLATFORMS
  ruby
  x64-mingw32

DEPENDENCIES
  bundler (~> 1.6)
  pxlsrt!
  rake (~> 10.2)

BUNDLED WITH
   1.13.2
